NUGET
  remote: https://www.nuget.org/api/v2
    FAKE.Lib (4.29.2)
    Gauge.CSharp.Core (0.0.5)
      Gauge.CSharp.Lib (>= 0.5.3)
      Google.ProtocolBuffers (>= 2.4.1.555)
    Gauge.CSharp.Lib (0.5.3)
    Google.ProtocolBuffers (2.4.1.555)
    Microsoft.CodeAnalysis.Analyzers (1.1) - framework: >= net45
    Microsoft.CodeAnalysis.Common (1.1) - framework: >= net45
      Microsoft.CodeAnalysis.Analyzers (>= 1.0 < 1.2)
      System.Collections.Immutable (>= 1.1.37)
      System.Reflection.Metadata (>= 1.1)
    Microsoft.CodeAnalysis.CSharp (1.1) - framework: >= net45
      Microsoft.CodeAnalysis.Common (1.1)
    Microsoft.Web.Xdt (2.1.1) - framework: >= net45
    NLog (4.2.2) - framework: >= net45
    NuGet.CommandLine (3.4.3)
    NuGet.Core (2.10.1) - framework: >= net45
      Microsoft.Web.Xdt (>= 2.1)
    System.Collections.Immutable (1.1.37) - framework: >= net45
    System.Reflection.Metadata (1.1) - framework: >= net45
      System.Collections.Immutable (>= 1.1.37) - framework: >= net45, dnxcore50, portable-net45+win80

GROUP Build
NUGET
  remote: https://www.nuget.org/api/v2
    FAKE (4.29.2)
    FSharp.Compiler.Service (2.0.0.6)
    FSharp.Formatting (2.14.4)
      FSharp.Compiler.Service (2.0.0.6)
      FSharpVSPowerTools.Core (>= 2.3 < 2.4)
    FSharpVSPowerTools.Core (2.3)
      FSharp.Compiler.Service (>= 2.0.0.3)
    SourceLink.Fake (1.1)

GROUP Test
NUGET
  remote: https://www.nuget.org/api/v2
    Moq (4.2.1502.0911) - framework: >= net45
    NUnit (2.6.4)
    NUnit.Runners (2.6.4)
